GEM
  remote: https://rubygems.org/
  specs:
    CFPropertyList (2.2.8)
    chunky_png (1.3.3)
    color-schemer (0.2.8)
      compass-blend-modes (~> 0.0.2)
    compass (1.0.1)
      chunky_png (~> 1.2)
      compass-core (~> 1.0.1)
      compass-import-once (~> 1.0.5)
      rb-fsevent (>= 0.9.3)
      rb-inotify (>= 0.9)
      sass (>= 3.3.13, < 3.5)
    compass-blend-modes (0.0.2)
      compass
    compass-core (1.0.1)
      multi_json (~> 1.0)
      sass (>= 3.3.0, < 3.5)
    compass-import-once (1.0.5)
      sass (>= 3.2, < 3.5)
    dotenv (1.0.2)
    drydock (0.6.9)
    em-proxy (0.1.8)
      eventmachine
    eventmachine (1.0.8)
    facter (2.4.4)
      CFPropertyList (~> 2.2.6)
    ffi (1.9.6)
    formatador (0.2.5)
    http-parser-lite (0.6.0)
    iniparse (1.4.2)
    invoker (1.4.1)
      dotenv (~> 1.0.2)
      em-proxy (~> 0.1)
      eventmachine (~> 1.0.4)
      facter (~> 2.2)
      formatador (~> 0.2)
      http-parser-lite (~> 0.6)
      iniparse (~> 1.1)
      rainbow (~> 2.0)
      rubydns (~> 0.8.5)
      thor (~> 0.19)
      uuid (~> 2.3)
    macaddr (1.7.1)
      systemu (~> 2.6.2)
    multi_json (1.10.1)
    rainbow (2.0.0)
    rb-fsevent (0.9.4)
    rb-inotify (0.9.5)
      ffi (>= 0.5.0)
    redis (3.2.1)
    redis-dump (0.3.5)
      drydock (>= 0.6.9)
      redis (>= 2.0)
      uri-redis (>= 0.4.0)
      yajl-ruby (>= 0.1)
    rubydns (0.8.5)
      eventmachine (~> 1.0.0)
    sass (3.4.7)
    systemu (2.6.5)
    thor (0.19.1)
    uri-redis (0.4.2)
    uuid (2.3.8)
      macaddr (~> 1.0)
    yajl-ruby (1.2.1)

PLATFORMS
  ruby

DEPENDENCIES
  color-schemer
  compass
  invoker
  redis-dump
  sass

BUNDLED WITH
   1.11.2
